GEM
  remote: https://rubygems.org/
  specs:
    avro (1.11.2)
      multi_json (~> 1.0)
    avro_turf (1.9.0)
      avro (>= 1.7.7, < 1.12)
      excon (~> 0.71)
    coderay (1.1.3)
    excon (0.100.0)
    method_source (1.0.0)
    multi_json (1.15.0)
    nokogiri (1.15.5-arm64-darwin)
      racc (~> 1.4)
    nokogiri (1.15.5-x86_64-linux)
      racc (~> 1.4)
    pry (0.14.2)
      coderay (~> 1.1)
      method_source (~> 1.0)
    racc (1.7.3)

PLATFORMS
  arm64-darwin-23
  x86_64-linux

DEPENDENCIES
  avro (~> 1.11)
  avro_turf (~> 1.9)
  nokogiri (~> 1.15)
  pry (~> 0.14.2)

BUNDLED WITH
   2.4.12
